PATH
  remote: .
  specs:
    byebug (11.1.3)

GEM
  remote: https://rubygems.org/
  specs:
    addressable (2.8.7)
      public_suffix (>= 2.0.2, < 7.0)
    chandler (0.9.0)
      netrc
      octokit (>= 2.2.0)
    coderay (1.1.3)
    docile (1.3.4)
    faraday (2.10.1)
      faraday-net_http (>= 2.0, < 3.2)
      logger
    faraday-net_http (3.1.1)
      net-http
    logger (1.6.0)
    method_source (1.0.0)
    minitest (5.24.1)
    net-http (0.4.1)
      uri
    netrc (0.11.0)
    octokit (9.1.0)
      faraday (>= 1, < 3)
      sawyer (~> 0.9)
    pry (0.14.1)
      coderay (~> 1.1)
      method_source (~> 1.0)
    public_suffix (6.0.1)
    rake (13.2.1)
    rake-compiler (1.1.1)
      rake
    sawyer (0.9.2)
      addressable (>= 2.3.5)
      faraday (>= 0.17.3, < 3)
    simplecov (0.21.2)
      docile (~> 1.1)
      simplecov-html (~> 0.11)
      simplecov_json_formatter (~> 0.1)
    simplecov-html (0.12.3)
    simplecov_json_formatter (0.1.2)
    uri (0.13.0)
    yard (0.9.26)

PLATFORMS
  ruby
  x86_64-linux

DEPENDENCIES
  bundler (~> 2.0)
  byebug!
  chandler (= 0.9.0)
  minitest (~> 5.11)
  pry (= 0.14.1)
  rake (~> 13.0)
  rake-compiler (~> 1.0)
  simplecov (= 0.21.2)
  yard (= 0.9.26)

BUNDLED WITH
   2.5.18
